GIT
  remote: https://github.com/maclover7/macluster-deploy
  revision: 9bf212305b03651f9088b1224095d7a5cf15363c
  specs:
    macluster-deploy (0)

GEM
  remote: https://rubygems.org/
  specs:
    coderay (1.1.1)
    dotenv (2.2.0)
    foreman (0.83.0)
      thor (~> 0.19.1)
    method_source (0.8.2)
    mustermann (1.0.0)
    net_http_unix (0.2.2)
    pry (0.10.4)
      coderay (~> 1.1.0)
      method_source (~> 0.8.1)
      slop (~> 3.4)
    puma (3.8.2)
    rack (2.0.3)
    rack-protection (2.0.0)
      rack
    sinatra (2.0.0)
      mustermann (~> 1.0)
      rack (~> 2.0)
      rack-protection (= 2.0.0)
      tilt (~> 2.0)
    slop (3.6.0)
    thor (0.19.4)
    tilt (2.0.8)

PLATFORMS
  ruby

DEPENDENCIES
  dotenv
  foreman
  macluster-deploy!
  net_http_unix
  pry
  puma
  sinatra

BUNDLED WITH
   1.14.6
